GEM
  remote: http://rubygems.org/
  specs:
    graphql (1.10.6)
    graphql-schema_comparator (1.2.0)
      bundler (>= 1.14)
      graphql (>= 1.10, < 3.0)
      thor (>= 0.19, < 2.0)
    thor (1.3.0)

PLATFORMS
  ruby
  x86_64-linux

DEPENDENCIES
  graphql (= 1.10.6)
  graphql-schema_comparator (~> 1.2.0)

BUNDLED WITH
   2.2.1
